STORAGE: NONE
RESTRICTION: || (== netcoreapp3.1) (== netstandard2.0)
NUGET
  remote: https://www.nuget.org/api/v2
    Blazor.Extensions.SignalR (0.4)
      Microsoft.AspNetCore.Components.Web (>= 3.0.0-preview9.19424.4)
    Bolero.HotReload (0.9.3-preview9)
      Blazor.Extensions.SignalR (>= 0.4)
      Bolero (>= 0.9.3-preview9)
      FSharp.Core (>= 4.5.2)
      HtmlAgilityPack (>= 1.8)
    Bolero.HotReload.Server (0.9.3-preview9)
      Bolero.HotReload (0.9.3-preview9)
      FSharp.Core (>= 4.5.2)
    Elmish (2.0.3)
      FSharp.Core (>= 4.5.2)
    FSharp.Core (4.7)
    HtmlAgilityPack (1.11.16)
      System.Net.Http (>= 4.3.2)
      System.Xml.XmlDocument (>= 4.3)
      System.Xml.XPath (>= 4.3)
      System.Xml.XPath.XmlDocument (>= 4.3)
    Microsoft.AspNetCore.Antiforgery (2.2)
      Microsoft.AspNetCore.DataProtection (>= 2.2)
      Microsoft.AspNetCore.Http.Abstractions (>= 2.2)
      Microsoft.AspNetCore.Http.Extensions (>= 2.2)
      Microsoft.AspNetCore.WebUtilities (>= 2.2)
      Microsoft.Extensions.ObjectPool (>= 2.2)
    Microsoft.AspNetCore.Authorization (3.0)
      Microsoft.AspNetCore.Metadata (>= 3.0)
      Microsoft.Extensions.Logging.Abstractions (>= 3.0)
      Microsoft.Extensions.Options (>= 3.0)
    Microsoft.AspNetCore.Blazor (3.0.0-preview9.19465.2)
      Microsoft.AspNetCore.Components.Web (>= 3.0)
      Microsoft.Extensions.Options (>= 3.0)
      Mono.WebAssembly.Interop (>= 3.0)
    Microsoft.AspNetCore.Blazor.Server (3.1.0-preview1.19508.20)
      Microsoft.AspNetCore.SpaServices.Extensions (>= 3.1.0-preview1.19508.20) - restriction: || (== netcoreapp3.1) (&& (== netstandard2.0) (>= netcoreapp3.1))
      Microsoft.Extensions.FileProviders.Embedded (>= 3.1.0-preview1.19506.1) - restriction: || (== netcoreapp3.1) (&& (== netstandard2.0) (>= netcoreapp3.1))
      Mono.Cecil (>= 0.10.1) - restriction: || (== netcoreapp3.1) (&& (== netstandard2.0) (>= netcoreapp3.1))
      Newtonsoft.Json (>= 12.0.2) - restriction: || (== netcoreapp3.1) (&& (== netstandard2.0) (>= netcoreapp3.1))
    Microsoft.AspNetCore.Components (3.0)
      Microsoft.AspNetCore.Authorization (>= 3.0)
      Microsoft.AspNetCore.Components.Analyzers (>= 3.0)
      Microsoft.JSInterop (>= 3.0)
      System.ComponentModel.Annotations (>= 4.6) - restriction: || (&& (== netcoreapp3.1) (< netcoreapp3.0)) (== netstandard2.0)
    Microsoft.AspNetCore.Components.Analyzers (3.0)
    Microsoft.AspNetCore.Components.Forms (3.0)
      Microsoft.AspNetCore.Components (>= 3.0)
      System.ComponentModel.Annotations (>= 4.6) - restriction: || (&& (== netcoreapp3.1) (< netcoreapp3.0)) (== netstandard2.0)
    Microsoft.AspNetCore.Components.Web (3.0)
      Microsoft.AspNetCore.Components (>= 3.0)
      Microsoft.AspNetCore.Components.Forms (>= 3.0)
      Microsoft.Extensions.DependencyInjection (>= 3.0)
      Microsoft.JSInterop (>= 3.0)
    Microsoft.AspNetCore.Cryptography.Internal (3.0)
    Microsoft.AspNetCore.DataProtection (3.0)
      Microsoft.AspNetCore.Cryptography.Internal (>= 3.0)
      Microsoft.AspNetCore.DataProtection.Abstractions (>= 3.0)
      Microsoft.Extensions.DependencyInjection.Abstractions (>= 3.0)
      Microsoft.Extensions.Hosting.Abstractions (>= 3.0)
      Microsoft.Extensions.Logging.Abstractions (>= 3.0)
      Microsoft.Extensions.Options (>= 3.0)
      Microsoft.Win32.Registry (>= 4.6)
      System.Security.Cryptography.Xml (>= 4.6)
      System.Security.Principal.Windows (>= 4.6) - restriction: || (&& (== netcoreapp3.1) (< netcoreapp3.0)) (== netstandard2.0)
    Microsoft.AspNetCore.DataProtection.Abstractions (3.0)
    Microsoft.AspNetCore.Http.Abstractions (2.2)
      Microsoft.AspNetCore.Http.Features (>= 2.2)
      System.Text.Encodings.Web (>= 4.5)
    Microsoft.AspNetCore.Http.Extensions (2.2)
      Microsoft.AspNetCore.Http.Abstractions (>= 2.2)
      Microsoft.Extensions.FileProviders.Abstractions (>= 2.2)
      Microsoft.Net.Http.Headers (>= 2.2)
      System.Buffers (>= 4.5)
    Microsoft.AspNetCore.Http.Features (3.0)
      Microsoft.Extensions.Primitives (>= 3.0)
      System.IO.Pipelines (>= 4.6)
    Microsoft.AspNetCore.Metadata (3.0)
    Microsoft.AspNetCore.Mvc.Razor.Extensions (3.1.0-preview1.19508.6) - restriction: || (== netcoreapp3.1) (&& (== netstandard2.0) (>= netcoreapp3.1))
      Microsoft.AspNetCore.Razor.Language (>= 3.1.0-preview1.19508.6)
      Microsoft.CodeAnalysis.Razor (>= 3.1.0-preview1.19508.6)
    Microsoft.AspNetCore.Mvc.Razor.RuntimeCompilation (3.1.0-preview1.19508.20)
      Microsoft.AspNetCore.Mvc.Razor.Extensions (>= 3.1.0-preview1.19508.6) - restriction: || (== netcoreapp3.1) (&& (== netstandard2.0) (>= netcoreapp3.1))
      Microsoft.CodeAnalysis.Razor (>= 3.1.0-preview1.19508.6) - restriction: || (== netcoreapp3.1) (&& (== netstandard2.0) (>= netcoreapp3.1))
      Microsoft.Extensions.DependencyModel (>= 3.1.0-preview1.19506.1) - restriction: || (== netcoreapp3.1) (&& (== netstandard2.0) (>= netcoreapp3.1))
    Microsoft.AspNetCore.NodeServices (3.1.0-preview1.19508.20) - restriction: || (== netcoreapp3.1) (&& (== netstandard2.0) (>= netcoreapp3.1))
      Microsoft.Extensions.Logging.Console (>= 3.1.0-preview1.19506.1) - restriction: || (== netcoreapp3.1) (&& (== netstandard2.0) (>= netcoreapp3.1))
      Newtonsoft.Json (>= 12.0.2) - restriction: || (== netcoreapp3.1) (&& (== netstandard2.0) (>= netcoreapp3.1))
    Microsoft.AspNetCore.Razor.Language (3.1.0-preview1.19508.6) - restriction: || (== netcoreapp3.1) (&& (== netstandard2.0) (>= netcoreapp3.1))
    Microsoft.AspNetCore.SpaServices (3.1.0-preview1.19508.20) - restriction: || (== netcoreapp3.1) (&& (== netstandard2.0) (>= netcoreapp3.1))
      Microsoft.AspNetCore.NodeServices (>= 3.1.0-preview1.19508.20) - restriction: || (== netcoreapp3.1) (&& (== netstandard2.0) (>= netcoreapp3.1))
    Microsoft.AspNetCore.SpaServices.Extensions (3.1.0-preview1.19508.20) - restriction: || (== netcoreapp3.1) (&& (== netstandard2.0) (>= netcoreapp3.1))
      Microsoft.AspNetCore.SpaServices (>= 3.1.0-preview1.19508.20) - restriction: || (== netcoreapp3.1) (&& (== netstandard2.0) (>= netcoreapp3.1))
      Microsoft.Extensions.FileProviders.Physical (>= 3.1.0-preview1.19506.1) - restriction: || (== netcoreapp3.1) (&& (== netstandard2.0) (>= netcoreapp3.1))
    Microsoft.AspNetCore.WebUtilities (2.2)
      Microsoft.Net.Http.Headers (>= 2.2)
      System.Text.Encodings.Web (>= 4.5)
    Microsoft.Bcl.AsyncInterfaces (1.1.0-preview1.19504.10) - restriction: || (&& (== netcoreapp3.1) (>= net461)) (&& (== netcoreapp3.1) (< netstandard2.1)) (== netstandard2.0)
      System.Threading.Tasks.Extensions (>= 4.5.2)
    Microsoft.CodeAnalysis.Analyzers (2.9.6) - restriction: || (== netcoreapp3.1) (&& (== netstandard2.0) (>= netcoreapp3.1))
    Microsoft.CodeAnalysis.Common (3.3.1) - restriction: || (== netcoreapp3.1) (&& (== netstandard2.0) (>= netcoreapp3.1))
      Microsoft.CodeAnalysis.Analyzers (>= 2.9.4)
      System.Collections.Immutable (>= 1.5)
      System.Memory (>= 4.5.3)
      System.Reflection.Metadata (>= 1.6)
      System.Runtime.CompilerServices.Unsafe (>= 4.5.2)
      System.Text.Encoding.CodePages (>= 4.5.1)
      System.Threading.Tasks.Extensions (>= 4.5.3)
    Microsoft.CodeAnalysis.CSharp (3.3.1) - restriction: || (== netcoreapp3.1) (&& (== netstandard2.0) (>= netcoreapp3.1))
      Microsoft.CodeAnalysis.Common (3.3.1)
    Microsoft.CodeAnalysis.Razor (3.1.0-preview1.19508.6) - restriction: || (== netcoreapp3.1) (&& (== netstandard2.0) (>= netcoreapp3.1))
      Microsoft.AspNetCore.Razor.Language (>= 3.1.0-preview1.19508.6)
      Microsoft.CodeAnalysis.Common (>= 3.3)
      Microsoft.CodeAnalysis.CSharp (>= 3.3)
    Microsoft.Data.Sqlite.Core (3.0) - restriction: || (== netcoreapp3.1) (&& (== netstandard2.0) (>= netstandard2.1))
      SQLitePCLRaw.core (>= 2.0)
    Microsoft.DotNet.PlatformAbstractions (3.0) - restriction: || (== netcoreapp3.1) (&& (== netstandard2.0) (>= netstandard2.1))
    Microsoft.EntityFrameworkCore (3.0)
      Microsoft.EntityFrameworkCore.Abstractions (>= 3.0) - restriction: || (== netcoreapp3.1) (&& (== netstandard2.0) (>= netstandard2.1))
      Microsoft.EntityFrameworkCore.Analyzers (>= 3.0) - restriction: || (== netcoreapp3.1) (&& (== netstandard2.0) (>= netstandard2.1))
      Microsoft.Extensions.Caching.Memory (>= 3.0) - restriction: || (== netcoreapp3.1) (&& (== netstandard2.0) (>= netstandard2.1))
      Microsoft.Extensions.DependencyInjection (>= 3.0) - restriction: || (== netcoreapp3.1) (&& (== netstandard2.0) (>= netstandard2.1))
      Microsoft.Extensions.Logging (>= 3.0) - restriction: || (== netcoreapp3.1) (&& (== netstandard2.0) (>= netstandard2.1))
      System.Collections.Immutable (>= 1.6) - restriction: || (== netcoreapp3.1) (&& (== netstandard2.0) (>= netstandard2.1))
      System.ComponentModel.Annotations (>= 4.6) - restriction: || (== netcoreapp3.1) (&& (== netstandard2.0) (>= netstandard2.1))
      System.Diagnostics.DiagnosticSource (>= 4.6) - restriction: || (== netcoreapp3.1) (&& (== netstandard2.0) (>= netstandard2.1))
      System.Threading.Tasks.Extensions (>= 4.5.2) - restriction: || (== netcoreapp3.1) (&& (== netstandard2.0) (>= netstandard2.1))
    Microsoft.EntityFrameworkCore.Abstractions (3.0) - restriction: || (== netcoreapp3.1) (&& (== netstandard2.0) (>= netstandard2.1))
    Microsoft.EntityFrameworkCore.Analyzers (3.0) - restriction: || (== netcoreapp3.1) (&& (== netstandard2.0) (>= netstandard2.1))
    Microsoft.EntityFrameworkCore.Relational (3.0) - restriction: || (== netcoreapp3.1) (&& (== netstandard2.0) (>= netstandard2.1))
      Microsoft.EntityFrameworkCore (>= 3.0) - restriction: || (== netcoreapp3.1) (&& (== netstandard2.0) (>= netstandard2.1))
    Microsoft.EntityFrameworkCore.Sqlite (3.0)
      Microsoft.EntityFrameworkCore.Sqlite.Core (>= 3.0) - restriction: || (== netcoreapp3.1) (&& (== netstandard2.0) (>= netstandard2.1))
      SQLitePCLRaw.bundle_e_sqlite3 (>= 2.0) - restriction: || (== netcoreapp3.1) (&& (== netstandard2.0) (>= netstandard2.1))
    Microsoft.EntityFrameworkCore.Sqlite.Core (3.0) - restriction: || (== netcoreapp3.1) (&& (== netstandard2.0) (>= netstandard2.1))
      Microsoft.Data.Sqlite.Core (>= 3.0) - restriction: || (== netcoreapp3.1) (&& (== netstandard2.0) (>= netstandard2.1))
      Microsoft.DotNet.PlatformAbstractions (>= 3.0) - restriction: || (== netcoreapp3.1) (&& (== netstandard2.0) (>= netstandard2.1))
      Microsoft.EntityFrameworkCore.Relational (>= 3.0) - restriction: || (== netcoreapp3.1) (&& (== netstandard2.0) (>= netstandard2.1))
      Microsoft.Extensions.DependencyModel (>= 3.0) - restriction: || (== netcoreapp3.1) (&& (== netstandard2.0) (>= netstandard2.1))
    Microsoft.Extensions.Caching.Abstractions (3.0) - restriction: || (== netcoreapp3.1) (&& (== netstandard2.0) (>= netstandard2.1))
      Microsoft.Extensions.Primitives (>= 3.0)
    Microsoft.Extensions.Caching.Memory (3.0) - restriction: || (== netcoreapp3.1) (&& (== netstandard2.0) (>= netstandard2.1))
      Microsoft.Extensions.Caching.Abstractions (>= 3.0)
      Microsoft.Extensions.DependencyInjection.Abstractions (>= 3.0)
      Microsoft.Extensions.Logging.Abstractions (>= 3.0)
      Microsoft.Extensions.Options (>= 3.0)
    Microsoft.Extensions.Configuration (3.1.0-preview1.19506.1)
      Microsoft.Extensions.Configuration.Abstractions (>= 3.1.0-preview1.19506.1)
    Microsoft.Extensions.Configuration.Abstractions (3.1.0-preview1.19506.1)
      Microsoft.Extensions.Primitives (>= 3.1.0-preview1.19506.1)
    Microsoft.Extensions.Configuration.Binder (3.1.0-preview1.19506.1)
      Microsoft.Extensions.Configuration (>= 3.1.0-preview1.19506.1)
    Microsoft.Extensions.DependencyInjection (3.1.0-preview1.19506.1)
      Microsoft.Bcl.AsyncInterfaces (>= 1.1.0-preview1.19504.10) - restriction: || (&& (== netcoreapp3.1) (>= net461)) (&& (== netcoreapp3.1) (< netstandard2.1)) (== netstandard2.0)
      Microsoft.Extensions.DependencyInjection.Abstractions (>= 3.1.0-preview1.19506.1)
    Microsoft.Extensions.DependencyInjection.Abstractions (3.1.0-preview1.19506.1)
    Microsoft.Extensions.DependencyModel (3.1.0-preview1.19506.1) - restriction: || (== netcoreapp3.1) (&& (== netstandard2.0) (>= netcoreapp3.1))
      System.Text.Json (>= 4.7.0-preview1.19504.10)
    Microsoft.Extensions.FileProviders.Abstractions (3.1.0-preview1.19506.1)
      Microsoft.Extensions.Primitives (>= 3.1.0-preview1.19506.1)
    Microsoft.Extensions.FileProviders.Embedded (3.1.0-preview1.19506.1) - restriction: || (== netcoreapp3.1) (&& (== netstandard2.0) (>= netcoreapp3.1))
      Microsoft.Extensions.FileProviders.Abstractions (>= 3.1.0-preview1.19506.1)
    Microsoft.Extensions.FileProviders.Physical (3.1.0-preview1.19506.1) - restriction: || (== netcoreapp3.1) (&& (== netstandard2.0) (>= netcoreapp3.1))
      Microsoft.Extensions.FileProviders.Abstractions (>= 3.1.0-preview1.19506.1)
      Microsoft.Extensions.FileSystemGlobbing (>= 3.1.0-preview1.19506.1)
    Microsoft.Extensions.FileSystemGlobbing (3.1.0-preview1.19506.1) - restriction: || (== netcoreapp3.1) (&& (== netstandard2.0) (>= netcoreapp3.1))
    Microsoft.Extensions.Hosting.Abstractions (3.0)
      Microsoft.Extensions.Configuration.Abstractions (>= 3.0)
      Microsoft.Extensions.DependencyInjection.Abstractions (>= 3.0)
      Microsoft.Extensions.FileProviders.Abstractions (>= 3.0)
      Microsoft.Extensions.Logging.Abstractions (>= 3.0)
    Microsoft.Extensions.Logging (3.1.0-preview1.19506.1)
      Microsoft.Extensions.Configuration.Binder (>= 3.1.0-preview1.19506.1)
      Microsoft.Extensions.DependencyInjection (>= 3.1.0-preview1.19506.1)
      Microsoft.Extensions.Logging.Abstractions (>= 3.1.0-preview1.19506.1)
      Microsoft.Extensions.Options (>= 3.1.0-preview1.19506.1)
    Microsoft.Extensions.Logging.Abstractions (3.1.0-preview1.19506.1)
    Microsoft.Extensions.Logging.Configuration (3.1.0-preview1.19506.1) - restriction: || (== netcoreapp3.1) (&& (== netstandard2.0) (>= netcoreapp3.1))
      Microsoft.Extensions.Logging (>= 3.1.0-preview1.19506.1)
      Microsoft.Extensions.Options.ConfigurationExtensions (>= 3.1.0-preview1.19506.1)
    Microsoft.Extensions.Logging.Console (3.1.0-preview1.19506.1) - restriction: || (== netcoreapp3.1) (&& (== netstandard2.0) (>= netcoreapp3.1))
      Microsoft.Extensions.Configuration.Abstractions (>= 3.1.0-preview1.19506.1)
      Microsoft.Extensions.Logging (>= 3.1.0-preview1.19506.1)
      Microsoft.Extensions.Logging.Configuration (>= 3.1.0-preview1.19506.1)
    Microsoft.Extensions.ObjectPool (3.0)
    Microsoft.Extensions.Options (3.1.0-preview1.19506.1)
      Microsoft.Extensions.DependencyInjection.Abstractions (>= 3.1.0-preview1.19506.1)
      Microsoft.Extensions.Primitives (>= 3.1.0-preview1.19506.1)
      System.ComponentModel.Annotations (>= 4.7.0-preview1.19504.10) - restriction: == netstandard2.0
    Microsoft.Extensions.Options.ConfigurationExtensions (3.1.0-preview1.19506.1) - restriction: || (== netcoreapp3.1) (&& (== netstandard2.0) (>= netcoreapp3.1))
      Microsoft.Extensions.Configuration.Abstractions (>= 3.1.0-preview1.19506.1)
      Microsoft.Extensions.Configuration.Binder (>= 3.1.0-preview1.19506.1)
      Microsoft.Extensions.DependencyInjection.Abstractions (>= 3.1.0-preview1.19506.1)
      Microsoft.Extensions.Options (>= 3.1.0-preview1.19506.1)
    Microsoft.Extensions.Primitives (3.1.0-preview1.19506.1)
      System.Memory (>= 4.5.2) - restriction: == netstandard2.0
      System.Runtime.CompilerServices.Unsafe (>= 4.7.0-preview1.19504.10) - restriction: == netstandard2.0
    Microsoft.JSInterop (3.1.0-preview1.19506.1)
      System.Text.Json (>= 4.7.0-preview1.19504.10) - restriction: == netstandard2.0
    Microsoft.Net.Http.Headers (2.2)
      Microsoft.Extensions.Primitives (>= 2.2)
      System.Buffers (>= 4.5)
    Microsoft.NETCore.Platforms (3.0)
    Microsoft.NETCore.Targets (3.0)
    Microsoft.Win32.Registry (4.6)
      System.Buffers (>= 4.5) - restriction: || (&& (== netcoreapp3.1) (>= monoandroid) (< netstandard2.0)) (&& (== netcoreapp3.1) (>= monotouch)) (&& (== netcoreapp3.1) (< netcoreapp2.0)) (&& (== netcoreapp3.1) (>= xamarinios)) (&& (== netcoreapp3.1) (>= xamarinmac)) (&& (== netcoreapp3.1) (>= xamarintvos)) (&& (== netcoreapp3.1) (>= xamarinwatchos)) (== netstandard2.0)
      System.Memory (>= 4.5.3) - restriction: || (&& (== netcoreapp3.1) (< netcoreapp2.0)) (&& (== netcoreapp3.1) (< netcoreapp2.1)) (&& (== netcoreapp3.1) (>= uap10.1)) (== netstandard2.0)
      System.Security.AccessControl (>= 4.6)
      System.Security.Principal.Windows (>= 4.6)
    Microsoft.Win32.SystemEvents (4.6) - restriction: || (== netcoreapp3.1) (&& (== netstandard2.0) (>= netcoreapp3.0))
      Microsoft.NETCore.Platforms (>= 3.0) - restriction: || (== netcoreapp3.1) (&& (== netstandard2.0) (>= netcoreapp2.0))
    Mono.Cecil (0.11) - restriction: || (== netcoreapp3.1) (&& (== netstandard2.0) (>= netcoreapp3.1))
    Mono.WebAssembly.Interop (3.1.0-preview1.19506.1)
      Microsoft.JSInterop (>= 3.1.0-preview1.19506.1)
    NETStandard.Library (2.0.3)
      Microsoft.NETCore.Platforms (>= 1.1)
    Newtonsoft.Json (12.0.2) - restriction: || (== netcoreapp3.1) (&& (== netstandard2.0) (>= netcoreapp3.1))
    runtime.debian.8-x64.runtime.native.System.Security.Cryptography.OpenSsl (4.3.3)
    runtime.debian.9-x64.runtime.native.System.Security.Cryptography.OpenSsl (4.3.3)
    runtime.fedora.23-x64.runtime.native.System.Security.Cryptography.OpenSsl (4.3.3)
    runtime.fedora.24-x64.runtime.native.System.Security.Cryptography.OpenSsl (4.3.3)
    runtime.fedora.27-x64.runtime.native.System.Security.Cryptography.OpenSsl (4.3.3)
    runtime.fedora.28-x64.runtime.native.System.Security.Cryptography.OpenSsl (4.3.3)
    runtime.native.System (4.3.1)
      Microsoft.NETCore.Platforms (>= 1.1.1)
      Microsoft.NETCore.Targets (>= 1.1.3)
    runtime.native.System.Net.Http (4.3.1)
      Microsoft.NETCore.Platforms (>= 1.1.1)
      Microsoft.NETCore.Targets (>= 1.1.3)
    runtime.native.System.Security.Cryptography.Apple (4.3.1)
      runtime.osx.10.10-x64.runtime.native.System.Security.Cryptography.Apple (>= 4.3.1)
    runtime.native.System.Security.Cryptography.OpenSsl (4.3.3)
      runtime.debian.8-x64.runtime.native.System.Security.Cryptography.OpenSsl (>= 4.3.3)
      runtime.debian.9-x64.runtime.native.System.Security.Cryptography.OpenSsl (>= 4.3.3)
      runtime.fedora.23-x64.runtime.native.System.Security.Cryptography.OpenSsl (>= 4.3.3)
      runtime.fedora.24-x64.runtime.native.System.Security.Cryptography.OpenSsl (>= 4.3.3)
      runtime.fedora.27-x64.runtime.native.System.Security.Cryptography.OpenSsl (>= 4.3.3)
      runtime.fedora.28-x64.runtime.native.System.Security.Cryptography.OpenSsl (>= 4.3.3)
      runtime.opensuse.13.2-x64.runtime.native.System.Security.Cryptography.OpenSsl (>= 4.3.3)
      runtime.opensuse.42.1-x64.runtime.native.System.Security.Cryptography.OpenSsl (>= 4.3.3)
      runtime.opensuse.42.3-x64.runtime.native.System.Security.Cryptography.OpenSsl (>= 4.3.3)
      runtime.osx.10.10-x64.runtime.native.System.Security.Cryptography.OpenSsl (>= 4.3.3)
      runtime.rhel.7-x64.runtime.native.System.Security.Cryptography.OpenSsl (>= 4.3.3)
      runtime.ubuntu.14.04-x64.runtime.native.System.Security.Cryptography.OpenSsl (>= 4.3.3)
      runtime.ubuntu.16.04-x64.runtime.native.System.Security.Cryptography.OpenSsl (>= 4.3.3)
      runtime.ubuntu.16.10-x64.runtime.native.System.Security.Cryptography.OpenSsl (>= 4.3.3)
      runtime.ubuntu.18.04-x64.runtime.native.System.Security.Cryptography.OpenSsl (>= 4.3.3)
    runtime.opensuse.13.2-x64.runtime.native.System.Security.Cryptography.OpenSsl (4.3.3)
    runtime.opensuse.42.1-x64.runtime.native.System.Security.Cryptography.OpenSsl (4.3.3)
    runtime.opensuse.42.3-x64.runtime.native.System.Security.Cryptography.OpenSsl (4.3.3)
    runtime.osx.10.10-x64.runtime.native.System.Security.Cryptography.Apple (4.3.1)
    runtime.osx.10.10-x64.runtime.native.System.Security.Cryptography.OpenSsl (4.3.3)
    runtime.rhel.7-x64.runtime.native.System.Security.Cryptography.OpenSsl (4.3.3)
    runtime.ubuntu.14.04-x64.runtime.native.System.Security.Cryptography.OpenSsl (4.3.3)
    runtime.ubuntu.16.04-x64.runtime.native.System.Security.Cryptography.OpenSsl (4.3.3)
    runtime.ubuntu.16.10-x64.runtime.native.System.Security.Cryptography.OpenSsl (4.3.3)
    runtime.ubuntu.18.04-x64.runtime.native.System.Security.Cryptography.OpenSsl (4.3.3)
    SQLitePCLRaw.bundle_e_sqlite3 (2.0.1) - restriction: || (== netcoreapp3.1) (&& (== netstandard2.0) (>= netstandard2.1))
      SQLitePCLRaw.core (>= 2.0.1)
      SQLitePCLRaw.lib.e_sqlite3 (>= 2.0.1)
      SQLitePCLRaw.provider.dynamic_cdecl (>= 2.0.1) - restriction: || (== netcoreapp3.1) (&& (== netstandard2.0) (>= net461)) (&& (== netstandard2.0) (>= netcoreapp3.0))
    SQLitePCLRaw.core (2.0.1) - restriction: || (== netcoreapp3.1) (&& (== netstandard2.0) (>= netstandard2.1))
      System.Memory (>= 4.5.3)
    SQLitePCLRaw.lib.e_sqlite3 (2.0.1) - restriction: || (== netcoreapp3.1) (&& (== netstandard2.0) (>= netcoreapp3.0)) (&& (== netstandard2.0) (>= netstandard2.1))
    SQLitePCLRaw.provider.dynamic_cdecl (2.0.1) - restriction: || (== netcoreapp3.1) (&& (== netstandard2.0) (>= net461) (>= netstandard2.1)) (&& (== netstandard2.0) (>= netcoreapp3.0))
      SQLitePCLRaw.core (>= 2.0.1)
    System.Buffers (4.5)
    System.Collections (4.3)
      Microsoft.NETCore.Platforms (>= 1.1)
      Microsoft.NETCore.Targets (>= 1.1)
      System.Runtime (>= 4.3)
    System.Collections.Concurrent (4.3)
      System.Collections (>= 4.3)
      System.Diagnostics.Debug (>= 4.3)
      System.Diagnostics.Tracing (>= 4.3)
      System.Globalization (>= 4.3)
      System.Reflection (>= 4.3)
      System.Resources.ResourceManager (>= 4.3)
      System.Runtime (>= 4.3)
      System.Runtime.Extensions (>= 4.3)
      System.Threading (>= 4.3)
      System.Threading.Tasks (>= 4.3)
    System.Collections.Immutable (1.6)
      System.Memory (>= 4.5.3) - restriction: || (&& (== netcoreapp3.1) (>= net46)) (&& (== netcoreapp3.1) (< netcoreapp2.1)) (&& (== netcoreapp3.1) (< netstandard2.0)) (&& (== netcoreapp3.1) (>= uap10.1)) (== netstandard2.0)
    System.ComponentModel.Annotations (4.7.0-preview1.19504.10)
    System.Diagnostics.Debug (4.3)
      Microsoft.NETCore.Platforms (>= 1.1)
      Microsoft.NETCore.Targets (>= 1.1)
      System.Runtime (>= 4.3)
    System.Diagnostics.DiagnosticSource (4.6)
    System.Diagnostics.Tracing (4.3)
      Microsoft.NETCore.Platforms (>= 1.1)
      Microsoft.NETCore.Targets (>= 1.1)
      System.Runtime (>= 4.3)
    System.Drawing.Common (4.6) - restriction: || (== netcoreapp3.1) (&& (== netstandard2.0) (>= netcoreapp3.0))
      Microsoft.NETCore.Platforms (>= 3.0) - restriction: || (== netcoreapp3.1) (&& (== netstandard2.0) (>= netcoreapp2.0))
      Microsoft.Win32.SystemEvents (>= 4.6) - restriction: || (== netcoreapp3.1) (&& (== netstandard2.0) (>= netcoreapp2.0))
    System.Globalization (4.3)
      Microsoft.NETCore.Platforms (>= 1.1)
      Microsoft.NETCore.Targets (>= 1.1)
      System.Runtime (>= 4.3)
    System.Globalization.Calendars (4.3)
      Microsoft.NETCore.Platforms (>= 1.1)
      Microsoft.NETCore.Targets (>= 1.1)
      System.Globalization (>= 4.3)
      System.Runtime (>= 4.3)
    System.Globalization.Extensions (4.3)
      Microsoft.NETCore.Platforms (>= 1.1)
      System.Globalization (>= 4.3)
      System.Resources.ResourceManager (>= 4.3)
      System.Runtime (>= 4.3)
      System.Runtime.Extensions (>= 4.3)
      System.Runtime.InteropServices (>= 4.3)
    System.IO (4.3)
      Microsoft.NETCore.Platforms (>= 1.1)
      Microsoft.NETCore.Targets (>= 1.1)
      System.Runtime (>= 4.3)
      System.Text.Encoding (>= 4.3)
      System.Threading.Tasks (>= 4.3)
    System.IO.FileSystem (4.3)
      Microsoft.NETCore.Platforms (>= 1.1)
      Microsoft.NETCore.Targets (>= 1.1)
      System.IO (>= 4.3)
      System.IO.FileSystem.Primitives (>= 4.3)
      System.Runtime (>= 4.3)
      System.Runtime.Handles (>= 4.3)
      System.Text.Encoding (>= 4.3)
      System.Threading.Tasks (>= 4.3)
    System.IO.FileSystem.Primitives (4.3)
      System.Runtime (>= 4.3)
    System.IO.Pipelines (4.6)
      System.Buffers (>= 4.5) - restriction: || (&& (== netcoreapp3.1) (>= monotouch)) (&& (== netcoreapp3.1) (>= net461)) (&& (== netcoreapp3.1) (< netcoreapp2.0)) (&& (== netcoreapp3.1) (< netstandard2.0)) (&& (== netcoreapp3.1) (>= xamarinios)) (&& (== netcoreapp3.1) (>= xamarinmac)) (&& (== netcoreapp3.1) (>= xamarintvos)) (&& (== netcoreapp3.1) (>= xamarinwatchos)) (== netstandard2.0)
      System.Memory (>= 4.5.3) - restriction: || (&& (== netcoreapp3.1) (>= net461)) (&& (== netcoreapp3.1) (< netcoreapp2.0)) (&& (== netcoreapp3.1) (< netcoreapp2.1)) (&& (== netcoreapp3.1) (< netstandard2.0)) (&& (== netcoreapp3.1) (>= uap10.1)) (== netstandard2.0)
      System.Threading.Tasks.Extensions (>= 4.5.2) - restriction: || (&& (== netcoreapp3.1) (>= net461)) (&& (== netcoreapp3.1) (< netcoreapp2.0)) (&& (== netcoreapp3.1) (< netcoreapp2.1)) (&& (== netcoreapp3.1) (< netstandard2.0)) (&& (== netcoreapp3.1) (>= uap10.1)) (== netstandard2.0)
    System.Linq (4.3)
      System.Collections (>= 4.3)
      System.Diagnostics.Debug (>= 4.3)
      System.Resources.ResourceManager (>= 4.3)
      System.Runtime (>= 4.3)
      System.Runtime.Extensions (>= 4.3)
    System.Memory (4.5.3)
      System.Buffers (>= 4.4) - restriction: || (&& (== netcoreapp3.1) (>= monotouch)) (&& (== netcoreapp3.1) (>= net461)) (&& (== netcoreapp3.1) (< netcoreapp2.0)) (&& (== netcoreapp3.1) (< netstandard1.1)) (&& (== netcoreapp3.1) (< netstandard2.0)) (&& (== netcoreapp3.1) (>= xamarinios)) (&& (== netcoreapp3.1) (>= xamarinmac)) (&& (== netcoreapp3.1) (>= xamarintvos)) (&& (== netcoreapp3.1) (>= xamarinwatchos)) (== netstandard2.0)
      System.Numerics.Vectors (>= 4.4) - restriction: || (&& (== netcoreapp3.1) (>= net461)) (&& (== netcoreapp3.1) (< netcoreapp2.0)) (== netstandard2.0)
      System.Runtime.CompilerServices.Unsafe (>= 4.5.2) - restriction: || (&& (== netcoreapp3.1) (>= monotouch)) (&& (== netcoreapp3.1) (>= net461)) (&& (== netcoreapp3.1) (< netcoreapp2.0)) (&& (== netcoreapp3.1) (< netcoreapp2.1)) (&& (== netcoreapp3.1) (< netstandard1.1)) (&& (== netcoreapp3.1) (< netstandard2.0)) (&& (== netcoreapp3.1) (>= uap10.1)) (&& (== netcoreapp3.1) (>= xamarinios)) (&& (== netcoreapp3.1) (>= xamarinmac)) (&& (== netcoreapp3.1) (>= xamarintvos)) (&& (== netcoreapp3.1) (>= xamarinwatchos)) (== netstandard2.0)
    System.Net.Http (4.3.4)
      Microsoft.NETCore.Platforms (>= 1.1.1)
      runtime.native.System (>= 4.3)
      runtime.native.System.Net.Http (>= 4.3)
      runtime.native.System.Security.Cryptography.OpenSsl (>= 4.3.2)
      System.Collections (>= 4.3)
      System.Diagnostics.Debug (>= 4.3)
      System.Diagnostics.DiagnosticSource (>= 4.3)
      System.Diagnostics.Tracing (>= 4.3)
      System.Globalization (>= 4.3)
      System.Globalization.Extensions (>= 4.3)
      System.IO (>= 4.3)
      System.IO.FileSystem (>= 4.3)
      System.Net.Primitives (>= 4.3)
      System.Resources.ResourceManager (>= 4.3)
      System.Runtime (>= 4.3)
      System.Runtime.Extensions (>= 4.3)
      System.Runtime.Handles (>= 4.3)
      System.Runtime.InteropServices (>= 4.3)
      System.Security.Cryptography.Algorithms (>= 4.3)
      System.Security.Cryptography.Encoding (>= 4.3)
      System.Security.Cryptography.OpenSsl (>= 4.3)
      System.Security.Cryptography.Primitives (>= 4.3)
      System.Security.Cryptography.X509Certificates (>= 4.3)
      System.Text.Encoding (>= 4.3)
      System.Threading (>= 4.3)
      System.Threading.Tasks (>= 4.3)
    System.Net.Primitives (4.3.1)
      Microsoft.NETCore.Platforms (>= 1.1.1)
      Microsoft.NETCore.Targets (>= 1.1.3)
      System.Runtime (>= 4.3.1)
      System.Runtime.Handles (>= 4.3)
    System.Numerics.Vectors (4.5) - restriction: || (&& (== netcoreapp3.1) (>= net46)) (&& (== netcoreapp3.1) (>= net461)) (&& (== netcoreapp3.1) (< netcoreapp2.0)) (&& (== netcoreapp3.1) (< netstandard2.0)) (&& (== netcoreapp3.1) (>= uap10.1)) (== netstandard2.0)
    System.Reflection (4.3)
      Microsoft.NETCore.Platforms (>= 1.1)
      Microsoft.NETCore.Targets (>= 1.1)
      System.IO (>= 4.3)
      System.Reflection.Primitives (>= 4.3)
      System.Runtime (>= 4.3)
    System.Reflection.Metadata (1.7) - restriction: || (== netcoreapp3.1) (&& (== netstandard2.0) (>= netcoreapp3.1))
    System.Reflection.Primitives (4.3)
      Microsoft.NETCore.Platforms (>= 1.1)
      Microsoft.NETCore.Targets (>= 1.1)
      System.Runtime (>= 4.3)
    System.Resources.ResourceManager (4.3)
      Microsoft.NETCore.Platforms (>= 1.1)
      Microsoft.NETCore.Targets (>= 1.1)
      System.Globalization (>= 4.3)
      System.Reflection (>= 4.3)
      System.Runtime (>= 4.3)
    System.Runtime (4.3.1)
      Microsoft.NETCore.Platforms (>= 1.1.1)
      Microsoft.NETCore.Targets (>= 1.1.3)
    System.Runtime.CompilerServices.Unsafe (4.7.0-preview1.19504.10)
    System.Runtime.Extensions (4.3.1)
      Microsoft.NETCore.Platforms (>= 1.1.1)
      Microsoft.NETCore.Targets (>= 1.1.3)
      System.Runtime (>= 4.3.1)
    System.Runtime.Handles (4.3)
      Microsoft.NETCore.Platforms (>= 1.1)
      Microsoft.NETCore.Targets (>= 1.1)
      System.Runtime (>= 4.3)
    System.Runtime.InteropServices (4.3)
      Microsoft.NETCore.Platforms (>= 1.1)
      Microsoft.NETCore.Targets (>= 1.1)
      System.Reflection (>= 4.3)
      System.Reflection.Primitives (>= 4.3)
      System.Runtime (>= 4.3)
      System.Runtime.Handles (>= 4.3)
    System.Runtime.Numerics (4.3)
      System.Globalization (>= 4.3)
      System.Resources.ResourceManager (>= 4.3)
      System.Runtime (>= 4.3)
      System.Runtime.Extensions (>= 4.3)
    System.Security.AccessControl (4.6)
      Microsoft.NETCore.Platforms (>= 3.0) - restriction: || (== netcoreapp3.1) (&& (== netstandard2.0) (>= netcoreapp2.0))
      System.Security.Principal.Windows (>= 4.6)
    System.Security.Cryptography.Algorithms (4.3.1)
      Microsoft.NETCore.Platforms (>= 1.1)
      runtime.native.System.Security.Cryptography.Apple (>= 4.3.1)
      runtime.native.System.Security.Cryptography.OpenSsl (>= 4.3.2)
      System.Collections (>= 4.3)
      System.IO (>= 4.3)
      System.Resources.ResourceManager (>= 4.3)
      System.Runtime (>= 4.3)
      System.Runtime.Extensions (>= 4.3)
      System.Runtime.Handles (>= 4.3)
      System.Runtime.InteropServices (>= 4.3)
      System.Runtime.Numerics (>= 4.3)
      System.Security.Cryptography.Encoding (>= 4.3)
      System.Security.Cryptography.Primitives (>= 4.3)
      System.Text.Encoding (>= 4.3)
    System.Security.Cryptography.Cng (4.6)
    System.Security.Cryptography.Csp (4.3)
      Microsoft.NETCore.Platforms (>= 1.1)
      System.IO (>= 4.3)
      System.Reflection (>= 4.3)
      System.Resources.ResourceManager (>= 4.3)
      System.Runtime (>= 4.3)
      System.Runtime.Extensions (>= 4.3)
      System.Runtime.Handles (>= 4.3)
      System.Runtime.InteropServices (>= 4.3)
      System.Security.Cryptography.Algorithms (>= 4.3)
      System.Security.Cryptography.Encoding (>= 4.3)
      System.Security.Cryptography.Primitives (>= 4.3)
      System.Text.Encoding (>= 4.3)
      System.Threading (>= 4.3)
    System.Security.Cryptography.Encoding (4.3)
      Microsoft.NETCore.Platforms (>= 1.1)
      runtime.native.System.Security.Cryptography.OpenSsl (>= 4.3)
      System.Collections (>= 4.3)
      System.Collections.Concurrent (>= 4.3)
      System.Linq (>= 4.3)
      System.Resources.ResourceManager (>= 4.3)
      System.Runtime (>= 4.3)
      System.Runtime.Extensions (>= 4.3)
      System.Runtime.Handles (>= 4.3)
      System.Runtime.InteropServices (>= 4.3)
      System.Security.Cryptography.Primitives (>= 4.3)
      System.Text.Encoding (>= 4.3)
    System.Security.Cryptography.OpenSsl (4.6)
    System.Security.Cryptography.Pkcs (4.6)
      System.Buffers (>= 4.5) - restriction: || (&& (== netcoreapp3.1) (>= monoandroid) (< netstandard2.0)) (&& (== netcoreapp3.1) (>= monotouch)) (&& (== netcoreapp3.1) (< netcoreapp2.0) (< netstandard2.1)) (&& (== netcoreapp3.1) (>= xamarinios)) (&& (== netcoreapp3.1) (>= xamarinmac)) (&& (== netcoreapp3.1) (>= xamarintvos)) (&& (== netcoreapp3.1) (>= xamarinwatchos)) (== netstandard2.0)
      System.Memory (>= 4.5.3) - restriction: || (&& (== netcoreapp3.1) (< netcoreapp2.0) (< netstandard2.1)) (&& (== netcoreapp3.1) (< netcoreapp2.1) (< netstandard2.1)) (&& (== netcoreapp3.1) (>= uap10.1)) (== netstandard2.0)
      System.Security.Cryptography.Cng (>= 4.6)
    System.Security.Cryptography.Primitives (4.3)
      System.Diagnostics.Debug (>= 4.3)
      System.Globalization (>= 4.3)
      System.IO (>= 4.3)
      System.Resources.ResourceManager (>= 4.3)
      System.Runtime (>= 4.3)
      System.Threading (>= 4.3)
      System.Threading.Tasks (>= 4.3)
    System.Security.Cryptography.X509Certificates (4.3.2)
      Microsoft.NETCore.Platforms (>= 1.1)
      runtime.native.System (>= 4.3)
      runtime.native.System.Net.Http (>= 4.3)
      runtime.native.System.Security.Cryptography.OpenSsl (>= 4.3.2)
      System.Collections (>= 4.3)
      System.Diagnostics.Debug (>= 4.3)
      System.Globalization (>= 4.3)
      System.Globalization.Calendars (>= 4.3)
      System.IO (>= 4.3)
      System.IO.FileSystem (>= 4.3)
      System.IO.FileSystem.Primitives (>= 4.3)
      System.Resources.ResourceManager (>= 4.3)
      System.Runtime (>= 4.3)
      System.Runtime.Extensions (>= 4.3)
      System.Runtime.Handles (>= 4.3)
      System.Runtime.InteropServices (>= 4.3)
      System.Runtime.Numerics (>= 4.3)
      System.Security.Cryptography.Algorithms (>= 4.3)
      System.Security.Cryptography.Cng (>= 4.3)
      System.Security.Cryptography.Csp (>= 4.3)
      System.Security.Cryptography.Encoding (>= 4.3)
      System.Security.Cryptography.OpenSsl (>= 4.3)
      System.Security.Cryptography.Primitives (>= 4.3)
      System.Text.Encoding (>= 4.3)
      System.Threading (>= 4.3)
    System.Security.Cryptography.Xml (4.6)
      System.Security.Cryptography.Pkcs (>= 4.6)
      System.Security.Permissions (>= 4.6)
    System.Security.Permissions (4.6)
      System.Security.AccessControl (>= 4.6)
      System.Windows.Extensions (>= 4.6) - restriction: || (== netcoreapp3.1) (&& (== netstandard2.0) (>= netcoreapp3.0))
    System.Security.Principal.Windows (4.6)
    System.Text.Encoding (4.3)
      Microsoft.NETCore.Platforms (>= 1.1)
      Microsoft.NETCore.Targets (>= 1.1)
      System.Runtime (>= 4.3)
    System.Text.Encoding.CodePages (4.6) - restriction: || (== netcoreapp3.1) (&& (== netstandard2.0) (>= netcoreapp3.1))
      Microsoft.NETCore.Platforms (>= 3.0) - restriction: || (== netcoreapp3.1) (&& (== netstandard2.0) (>= netcoreapp2.0))
    System.Text.Encoding.Extensions (4.3)
      Microsoft.NETCore.Platforms (>= 1.1)
      Microsoft.NETCore.Targets (>= 1.1)
      System.Runtime (>= 4.3)
      System.Text.Encoding (>= 4.3)
    System.Text.Encodings.Web (4.6)
      System.Memory (>= 4.5.3) - restriction: || (&& (== netcoreapp3.1) (>= net461)) (&& (== netcoreapp3.1) (< netcoreapp2.1)) (&& (== netcoreapp3.1) (>= uap10.1)) (== netstandard2.0)
    System.Text.Json (4.7.0-preview1.19504.10)
    System.Text.RegularExpressions (4.3.1)
      System.Collections (>= 4.3) - restriction: || (&& (== netcoreapp3.1) (< netcoreapp1.1)) (== netstandard2.0)
      System.Globalization (>= 4.3) - restriction: || (&& (== netcoreapp3.1) (< netcoreapp1.1)) (== netstandard2.0)
      System.Resources.ResourceManager (>= 4.3) - restriction: || (&& (== netcoreapp3.1) (< netcoreapp1.1)) (== netstandard2.0)
      System.Runtime (>= 4.3.1)
      System.Runtime.Extensions (>= 4.3.1) - restriction: || (&& (== netcoreapp3.1) (< netcoreapp1.1)) (== netstandard2.0)
      System.Threading (>= 4.3) - restriction: || (&& (== netcoreapp3.1) (< netcoreapp1.1)) (== netstandard2.0)
    System.Threading (4.3)
      System.Runtime (>= 4.3)
      System.Threading.Tasks (>= 4.3)
    System.Threading.Tasks (4.3)
      Microsoft.NETCore.Platforms (>= 1.1)
      Microsoft.NETCore.Targets (>= 1.1)
      System.Runtime (>= 4.3)
    System.Threading.Tasks.Extensions (4.5.3)
    System.ValueTuple (4.5)
    System.Windows.Extensions (4.6) - restriction: || (== netcoreapp3.1) (&& (== netstandard2.0) (>= netcoreapp3.0))
      System.Drawing.Common (>= 4.6) - restriction: || (== netcoreapp3.1) (&& (== netstandard2.0) (>= netcoreapp3.0))
    System.Xml.ReaderWriter (4.3.1)
      System.Collections (>= 4.3)
      System.Diagnostics.Debug (>= 4.3)
      System.Globalization (>= 4.3)
      System.IO (>= 4.3)
      System.IO.FileSystem (>= 4.3)
      System.IO.FileSystem.Primitives (>= 4.3)
      System.Resources.ResourceManager (>= 4.3)
      System.Runtime (>= 4.3)
      System.Runtime.Extensions (>= 4.3)
      System.Runtime.InteropServices (>= 4.3)
      System.Text.Encoding (>= 4.3)
      System.Text.Encoding.Extensions (>= 4.3)
      System.Text.RegularExpressions (>= 4.3)
      System.Threading.Tasks (>= 4.3)
      System.Threading.Tasks.Extensions (>= 4.3)
    System.Xml.XmlDocument (4.3)
      System.Collections (>= 4.3)
      System.Diagnostics.Debug (>= 4.3)
      System.Globalization (>= 4.3)
      System.IO (>= 4.3)
      System.Resources.ResourceManager (>= 4.3)
      System.Runtime (>= 4.3)
      System.Runtime.Extensions (>= 4.3)
      System.Text.Encoding (>= 4.3)
      System.Threading (>= 4.3)
      System.Xml.ReaderWriter (>= 4.3)
    System.Xml.XPath (4.3)
      System.Collections (>= 4.3)
      System.Diagnostics.Debug (>= 4.3)
      System.Globalization (>= 4.3)
      System.IO (>= 4.3)
      System.Resources.ResourceManager (>= 4.3)
      System.Runtime (>= 4.3)
      System.Runtime.Extensions (>= 4.3)
      System.Threading (>= 4.3)
      System.Xml.ReaderWriter (>= 4.3)
    System.Xml.XPath.XmlDocument (4.3)
      System.Collections (>= 4.3)
      System.Globalization (>= 4.3)
      System.IO (>= 4.3)
      System.Resources.ResourceManager (>= 4.3)
      System.Runtime (>= 4.3)
      System.Runtime.Extensions (>= 4.3)
      System.Threading (>= 4.3)
      System.Xml.ReaderWriter (>= 4.3)
      System.Xml.XmlDocument (>= 4.3)
      System.Xml.XPath (>= 4.3)
    TaskBuilder.fs (2.1)
      FSharp.Core (>= 4.1.17)
      NETStandard.Library (>= 1.6.1)
      System.ValueTuple (>= 4.4)
  remote: https://ci.appveyor.com/nuget/bolero
    Bolero (0.9.9-preview9)
      Elmish (>= 2.0 < 3.0)
      FSharp.Core (>= 4.5)
      Microsoft.AspNetCore.Blazor (3.0.0-preview9.19465.2)
    Bolero.Server (0.9.9-preview9)
      Bolero (0.9.9-preview9)
      FSharp.Core (>= 4.5)
      TaskBuilder.fs (>= 2.1)
